PATH
  remote: ~/Projects/cholo
  specs:
    cholo (0.0.2.dev)
      jsondocr

PATH
  remote: ~/Projects/jsondocr
  specs:
    jsondocr (0.1)
      awesome_print
      docile
      pry
      pry-nav
      pry-remote
      tilt (~> 2.0.0.beta1)

GEM
  remote: https://rubygems.org/
  specs:
    awesome_print (1.2.0)
    bourbon (3.1.8)
      sass (>= 3.2.0)
      thor
    celluloid (0.15.2)
      timers (~> 1.1.0)
    coderay (1.1.0)
    colored (1.2)
    cri (2.4.0)
      colored (>= 1.2)
    dimensions (1.2.0)
    docile (1.1.0)
    erubis (2.7.0)
    ffi (1.9.3)
    formatador (0.2.4)
    foundation (1.0.2)
      thor (>= 0.18.1)
    guard (2.2.4)
      formatador (>= 0.2.4)
      listen (~> 2.1)
      lumberjack (~> 1.0)
      pry (>= 0.9.12)
      thor (>= 0.18.1)
    guard-nanoc (1.0.1)
      guard (>= 1.8.0)
      nanoc (>= 3.6.3)
    listen (2.2.0)
      celluloid (>= 0.15.2)
      rb-fsevent (>= 0.9.3)
      rb-inotify (>= 0.9)
    lumberjack (1.0.4)
    memoize (1.3.1)
      test-unit (>= 2.0.2)
    method_source (0.8.2)
    nanoc (3.6.5)
      cri (~> 2.3)
    pry (0.9.12.3)
      coderay (~> 1.0)
      method_source (~> 0.8)
      slop (~> 3.4)
    pry-nav (0.2.3)
      pry (~> 0.9.10)
    pry-remote (0.1.7)
      pry (~> 0.9)
      slop (~> 3.0)
    rb-fsevent (0.9.3)
    rb-inotify (0.9.2)
      ffi (>= 0.5.0)
    sass (3.2.12)
    slop (3.4.6)
    test-unit (2.5.5)
    thor (0.18.1)
    tilt (2.0.0.beta1)
    timers (1.1.0)

PLATFORMS
  ruby

DEPENDENCIES
  bourbon
  cholo!
  dimensions
  erubis
  foundation
  guard-nanoc
  jsondocr!
  memoize
  nanoc
  pry
